GEM
  remote: https://rubygems.org/
  specs:
    colorize (0.7.0)
    diff-lcs (1.2.5)
    highline (1.6.21)
    net-ssh (2.8.0)
    puppet-lint (0.3.2)
    rspec (2.14.1)
      rspec-core (~> 2.14.0)
      rspec-expectations (~> 2.14.0)
      rspec-mocks (~> 2.14.0)
    rspec-core (2.14.8)
    rspec-expectations (2.14.5)
      diff-lcs (>= 1.1.3, < 2.0)
    rspec-mocks (2.14.6)
    rspec-puppet (1.0.1)
      rspec
    serverspec (1.0.0)
      highline
      net-ssh
      rspec (~> 2.13)
      specinfra (>= 1.0.0)
    specinfra (1.0.1)

PLATFORMS
  ruby

DEPENDENCIES
  colorize
  puppet-lint
  rspec-puppet
  serverspec
